GEM
  remote: https://rubygems.org/
  specs:
    dotenv (2.1.1)
    ffi (1.9.10)
    listen (3.1.5)
      rb-fsevent (~> 0.9, >= 0.9.4)
      rb-inotify (~> 0.9, >= 0.9.7)
      ruby_dep (~> 1.2)
    mustermann (2.0.2)
      ruby2_keywords (~> 0.0.1)
    pg (0.18.4)
    puma (3.4.0)
    rack (2.2.4)
    rack-protection (2.2.3)
      rack
    rb-fsevent (0.9.7)
    rb-inotify (0.9.7)
      ffi (>= 0.5.0)
    rerun (0.11.0)
      listen (~> 3.0)
    ruby2_keywords (0.0.5)
    ruby_dep (1.3.1)
    sequel (4.35.0)
    sequel-pg_array (0.0.1)
    sinatra (2.2.3)
      mustermann (~> 2.0)
      rack (~> 2.2)
      rack-protection (= 2.2.3)
      tilt (~> 2.0)
    slack-notifier (1.5.1)
    tilt (2.0.11)

PLATFORMS
  ruby

DEPENDENCIES
  dotenv
  pg
  puma
  rerun
  sequel
  sequel-pg_array
  sinatra
  slack-notifier

RUBY VERSION
   ruby 2.3.1p112

BUNDLED WITH
   1.12.5
